GEM
  remote: https://rubygems.org/
  specs:
    fxruby (1.6.44)
      mini_portile2 (~> 2.1)
    mini_portile2 (2.6.1)
    ocra (1.3.11)

PLATFORMS
  x86_64-linux

DEPENDENCIES
  fxruby
  ocra

BUNDLED WITH
   2.2.25
