GEM
  remote: https://rubygems.org/
  specs:
    fxruby (1.6.44-x64-mingw32)
      mini_portile2 (~> 2.1)
    mini_portile2 (2.6.1)
    ocra (1.3.11)

PLATFORMS
  x64-mingw32

DEPENDENCIES
  fxruby
  ocra

BUNDLED WITH
   2.2.25
